GEM
  remote: https://rubygems.org/
  specs:
    gli (2.13.2)

PLATFORMS
  ruby

DEPENDENCIES
  gli

BUNDLED WITH
   1.10.6
